GEM
  remote: https://rubygems.org/
  specs:
    bindex (0.5.0)

PLATFORMS
  ruby

DEPENDENCIES
  graphql-client

BUNDLED WITH
   2.1.4
